GEM
  remote: https://rubygems.org/
  specs:
    daemons (1.1.9)
    dotenv (1.0.2)
    eventmachine (1.0.5)
    httparty (0.13.3)
      json (~> 1.8)
      multi_xml (>= 0.5.2)
    json (1.8.2)
    mini_portile (0.6.2)
    multi_xml (0.5.5)
    nokogiri (1.6.5)
      mini_portile (~> 0.6.0)
    rack (1.5.2)
    rack-protection (1.5.3)
      rack
    rack-ssl (1.4.1)
      rack
    shotgun (0.9)
      rack (>= 1.0)
    sinatra (1.4.5)
      rack (~> 1.4)
      rack-protection (~> 1.4)
      tilt (~> 1.3, >= 1.3.4)
    thin (1.6.3)
      daemons (~> 1.0, >= 1.0.9)
      eventmachine (~> 1.0)
      rack (~> 1.0)
    tilt (1.4.1)

PLATFORMS
  ruby

DEPENDENCIES
  dotenv
  httparty
  nokogiri
  rack-ssl
  shotgun
  sinatra
  thin
